GEM
  remote: http://rubygems.org/
  specs:
    matplotlib (1.3.0)
      pycall (>= 1.0.0)
    nmea_plus (1.0.25)
      racc (~> 1.4, >= 1.0)
    pycall (1.4.2)
    racc (1.6.2)

PLATFORMS
  ruby

DEPENDENCIES
  matplotlib
  nmea_plus

BUNDLED WITH
   2.1.4
